GEM
  remote: https://rubygems.org/
  specs:
    async (1.29.0)
      console (~> 1.10)
      nio4r (~> 2.3)
      timers (~> 4.1)
    async-http (0.55.0)
      async (~> 1.25)
      async-io (~> 1.28)
      async-pool (~> 0.2)
      protocol-http (~> 0.21.0)
      protocol-http1 (~> 0.13.0)
      protocol-http2 (~> 0.14.0)
    async-io (1.30.2)
      async (~> 1.14)
    async-pool (0.3.5)
      async (~> 1.25)
    console (1.11.1)
      fiber-local
    fiber-local (1.0.0)
    graphql (1.12.8)
    graphql-batch (0.4.3)
      graphql (>= 1.3, < 2)
      promise.rb (~> 0.7.2)
    nio4r (2.5.7)
    promise.rb (0.7.4)
    protocol-hpack (1.4.2)
    protocol-http (0.21.0)
    protocol-http1 (0.13.2)
      protocol-http (~> 0.19)
    protocol-http2 (0.14.2)
      protocol-hpack (~> 1.4)
      protocol-http (~> 0.18)
    puma (5.2.2)
      nio4r (~> 2.0)
    rack (2.2.3)
    thread-local (1.1.0)
    timers (4.3.3)

PLATFORMS
  ruby

DEPENDENCIES
  async-http
  graphql
  graphql-batch
  puma
  rack
  thread-local

BUNDLED WITH
   2.1.4
